GEM
  remote: https://rubygems.org/
  specs:
    actioncable (7.2.1)
      actionpack (= 7.2.1)
      activesupport (= 7.2.1)
      nio4r (~> 2.0)
      websocket-driver (>= 0.6.1)
      zeitwerk (~> 2.6)
    actionmailbox (7.2.1)
      actionpack (= 7.2.1)
      activejob (= 7.2.1)
      activerecord (= 7.2.1)
      activestorage (= 7.2.1)
      activesupport (= 7.2.1)
      mail (>= 2.8.0)
    actionmailer (7.2.1)
      actionpack (= 7.2.1)
      actionview (= 7.2.1)
      activejob (= 7.2.1)
      activesupport (= 7.2.1)
      mail (>= 2.8.0)
      rails-dom-testing (~> 2.2)
    actionpack (7.2.1)
      actionview (= 7.2.1)
      activesupport (= 7.2.1)
      nokogiri (>= 1.8.5)
      racc
      rack (>= 2.2.4, < 3.2)
      rack-session (>= 1.0.1)
      rack-test (>= 0.6.3)
      rails-dom-testing (~> 2.2)
      rails-html-sanitizer (~> 1.6)
      useragent (~> 0.16)
    actiontext (7.2.1)
      actionpack (= 7.2.1)
      activerecord (= 7.2.1)
      activestorage (= 7.2.1)
      activesupport (= 7.2.1)
      globalid (>= 0.6.0)
      nokogiri (>= 1.8.5)
    actionview (7.2.1)
      activesupport (= 7.2.1)
      builder (~> 3.1)
      erubi (~> 1.11)
      rails-dom-testing (~> 2.2)
      rails-html-sanitizer (~> 1.6)
    activejob (7.2.1)
      activesupport (= 7.2.1)
      globalid (>= 0.3.6)
    activemodel (7.2.1)
      activesupport (= 7.2.1)
    activerecord (7.2.1)
      activemodel (= 7.2.1)
      activesupport (= 7.2.1)
      timeout (>= 0.4.0)
    activestorage (7.2.1)
      actionpack (= 7.2.1)
      activejob (= 7.2.1)
      activerecord (= 7.2.1)
      activesupport (= 7.2.1)
      marcel (~> 1.0)
    activesupport (7.2.1)
      base64
      bigdecimal
      concurrent-ruby (~> 1.0, >= 1.3.1)
      connection_pool (>= 2.2.5)
      drb
      i18n (>= 1.6, < 2)
      logger (>= 1.4.2)
      minitest (>= 5.1)
      securerandom (>= 0.3)
      tzinfo (~> 2.0, >= 2.0.5)
    addressable (2.8.5)
      public_suffix (>= 2.0.2, < 6.0)
    annotate (3.2.0)
      activerecord (>= 3.2, < 8.0)
      rake (>= 10.4, < 14.0)
    ast (2.4.2)
    base64 (0.2.0)
    bigdecimal (3.1.8)
    bindex (0.8.1)
    bootsnap (1.17.0)
      msgpack (~> 1.2)
    builder (3.3.0)
    concurrent-ruby (1.3.4)
    connection_pool (2.4.1)
    crass (1.0.6)
    date (3.3.4)
    debug (1.8.0)
      irb (>= 1.5.0)
      reline (>= 0.3.1)
    dotenv (2.8.1)
    dotenv-rails (2.8.1)
      dotenv (= 2.8.1)
      railties (>= 3.2)
    drb (2.2.1)
    erubi (1.13.0)
    execjs (2.9.1)
    factory_bot (6.4.2)
      activesupport (>= 5.0.0)
    factory_bot_rails (6.4.2)
      factory_bot (~> 6.4)
      railties (>= 5.0.0)
    globalid (1.2.1)
      activesupport (>= 6.1)
    i18n (1.14.5)
      concurrent-ruby (~> 1.0)
    io-console (0.7.2)
    irb (1.14.0)
      rdoc (>= 4.0.0)
      reline (>= 0.4.2)
    jbuilder (2.11.5)
      actionview (>= 5.0.0)
      activesupport (>= 5.0.0)
    json (2.7.0)
    language_server-protocol (3.17.0.3)
    lint_roller (1.1.0)
    logger (1.6.0)
    loofah (2.22.0)
      crass (~> 1.0.2)
      nokogiri (>= 1.12.0)
    mail (2.8.1)
      mini_mime (>= 0.1.1)
      net-imap
      net-pop
      net-smtp
    marcel (1.0.4)
    mini_mime (1.1.5)
    mini_portile2 (2.8.7)
    minitest (5.25.1)
    msgpack (1.7.2)
    net-imap (0.4.14)
      date
      net-protocol
    net-pop (0.1.2)
      net-protocol
    net-protocol (0.2.2)
      timeout
    net-smtp (0.5.0)
      net-protocol
    nio4r (2.7.3)
    nokogiri (1.16.7-x86_64-linux)
      racc (~> 1.4)
    parallel (1.23.0)
    parser (3.2.2.4)
      ast (~> 2.4.1)
      racc
    psych (5.1.2)
      stringio
    public_suffix (5.0.4)
    puma (6.4.2)
      nio4r (~> 2.0)
    racc (1.8.1)
    rack (3.1.7)
    rack-proxy (0.7.7)
      rack
    rack-session (2.0.0)
      rack (>= 3.0.0)
    rack-test (2.1.0)
      rack (>= 1.3)
    rackup (2.1.0)
      rack (>= 3)
      webrick (~> 1.8)
    rails (7.2.1)
      actioncable (= 7.2.1)
      actionmailbox (= 7.2.1)
      actionmailer (= 7.2.1)
      actionpack (= 7.2.1)
      actiontext (= 7.2.1)
      actionview (= 7.2.1)
      activejob (= 7.2.1)
      activemodel (= 7.2.1)
      activerecord (= 7.2.1)
      activestorage (= 7.2.1)
      activesupport (= 7.2.1)
      bundler (>= 1.15.0)
      railties (= 7.2.1)
    rails-dom-testing (2.2.0)
      activesupport (>= 5.0.0)
      minitest
      nokogiri (>= 1.6)
    rails-html-sanitizer (1.6.0)
      loofah (~> 2.21)
      nokogiri (~> 1.14)
    railties (7.2.1)
      actionpack (= 7.2.1)
      activesupport (= 7.2.1)
      irb (~> 1.13)
      rackup (>= 1.0.0)
      rake (>= 12.2)
      thor (~> 1.0, >= 1.2.2)
      zeitwerk (~> 2.6)
    rainbow (3.1.1)
    rake (13.2.1)
    rdoc (6.7.0)
      psych (>= 4.0.0)
    react_on_rails (13.4.0)
      addressable
      connection_pool
      execjs (~> 2.5)
      rails (>= 5.2)
      rainbow (~> 3.0)
    regexp_parser (2.8.2)
    reline (0.5.9)
      io-console (~> 0.5)
    rexml (3.3.6)
      strscan
    rubocop (1.57.2)
      json (~> 2.3)
      language_server-protocol (>= 3.17.0)
      parallel (~> 1.10)
      parser (>= 3.2.2.4)
      rainbow (>= 2.2.2, < 4.0)
      regexp_parser (>= 1.8, < 3.0)
      rexml (>= 3.2.5, < 4.0)
      rubocop-ast (>= 1.28.1, < 2.0)
      ruby-progressbar (~> 1.7)
      unicode-display_width (>= 2.4.0, < 3.0)
    rubocop-ast (1.30.0)
      parser (>= 3.2.1.0)
    rubocop-performance (1.19.1)
      rubocop (>= 1.7.0, < 2.0)
      rubocop-ast (>= 0.4.0)
    rubocop-rails (2.20.2)
      activesupport (>= 4.2.0)
      rack (>= 1.1)
      rubocop (>= 1.33.0, < 2.0)
    ruby-progressbar (1.13.0)
    securerandom (0.3.1)
    semantic_range (3.0.0)
    shakapacker (7.1.0)
      activesupport (>= 5.2)
      rack-proxy (>= 0.6.1)
      railties (>= 5.2)
      semantic_range (>= 2.3.0)
    shoulda (4.0.0)
      shoulda-context (~> 2.0)
      shoulda-matchers (~> 4.0)
    shoulda-context (2.0.0)
    shoulda-matchers (4.5.1)
      activesupport (>= 4.2.0)
    sprockets (4.2.1)
      concurrent-ruby (~> 1.0)
      rack (>= 2.2.4, < 4)
    sprockets-rails (3.4.2)
      actionpack (>= 5.2)
      activesupport (>= 5.2)
      sprockets (>= 3.0.0)
    sqlite3 (1.6.9)
      mini_portile2 (~> 2.8.0)
    standard (1.32.0)
      language_server-protocol (~> 3.17.0.2)
      lint_roller (~> 1.0)
      rubocop (~> 1.57.2)
      standard-custom (~> 1.0.0)
      standard-performance (~> 1.2)
    standard-custom (1.0.2)
      lint_roller (~> 1.0)
      rubocop (~> 1.50)
    standard-performance (1.2.1)
      lint_roller (~> 1.1)
      rubocop-performance (~> 1.19.1)
    standard-rails (0.2.0)
      lint_roller (~> 1.0)
      rubocop-rails (~> 2.20.2)
    stringio (3.1.1)
    stripe (8.7.0)
    stripe_event (2.7.0)
      activesupport (>= 3.1)
      stripe (>= 2.8, < 9)
    strscan (3.1.0)
    thor (1.3.1)
    timeout (0.4.1)
    tzinfo (2.0.6)
      concurrent-ruby (~> 1.0)
    unicode-display_width (2.5.0)
    useragent (0.16.10)
    web-console (4.2.1)
      actionview (>= 6.0.0)
      activemodel (>= 6.0.0)
      bindex (>= 0.4.0)
      railties (>= 6.0.0)
    webrick (1.8.1)
    websocket-driver (0.7.6)
      websocket-extensions (>= 0.1.0)
    websocket-extensions (0.1.5)
    zeitwerk (2.6.17)

PLATFORMS
  x86_64-linux

DEPENDENCIES
  annotate
  bootsnap
  debug
  dotenv-rails
  factory_bot_rails
  jbuilder
  puma (>= 5.0)
  rails (~> 7.2)
  react_on_rails (= 13.4)
  shakapacker (= 7.1)
  shoulda
  sprockets-rails
  sqlite3 (~> 1.4)
  standard
  standard-rails
  stripe
  stripe_event
  tzinfo-data
  web-console

RUBY VERSION
   ruby 3.3.4p94

BUNDLED WITH
   2.4.12
